PATH
  remote: .
  specs:
    brawlcharts (0.0.1)
      addressable
      brawlhalla-api
      dotenv
      faraday
      nokogiri
      pg
      pry-byebug
      puma
      rack
      rainbow
      rake
      sequel
      sinatra

GEM
  remote: https://rubygems.org/
  specs:
    addressable (2.8.0)
      public_suffix (>= 2.0.2, < 5.0)
    brawlhalla-api (0.3.2)
      addressable
      faraday
      faraday_middleware
    byebug (11.1.3)
    coderay (1.1.3)
    dotenv (2.7.6)
    faraday (1.4.1)
      faraday-excon (~> 1.1)
      faraday-net_http (~> 1.0)
      faraday-net_http_persistent (~> 1.1)
      multipart-post (>= 1.2, < 3)
      ruby2_keywords (>= 0.0.4)
    faraday-excon (1.1.0)
    faraday-net_http (1.0.1)
    faraday-net_http_persistent (1.1.0)
    faraday_middleware (1.0.0)
      faraday (~> 1.0)
    method_source (1.0.0)
    mini_portile2 (2.8.1)
    multipart-post (2.1.1)
    nio4r (2.5.8)
    nokogiri (1.13.10)
      mini_portile2 (~> 2.8.0)
      racc (~> 1.4)
    pg (1.2.3)
    pry (0.13.1)
      coderay (~> 1.1)
      method_source (~> 1.0)
    pry-byebug (3.9.0)
      byebug (~> 11.0)
      pry (~> 0.13.0)
    public_suffix (4.0.6)
    puma (5.6.4)
      nio4r (~> 2.0)
    racc (1.6.2)
    rack (3.0.4.2)
    rainbow (3.0.0)
    rake (13.0.3)
    ruby2_keywords (0.0.5)
    sequel (5.44.0)
    sinatra (1.0)
      rack (>= 1.0)

PLATFORMS
  ruby

DEPENDENCIES
  brawlcharts!

RUBY VERSION
   ruby 2.7.0p0

BUNDLED WITH
   2.1.2
